GIT
  remote: https://github.com/heroku/hatchet.git
  revision: 4ea40af89e00d49dd21f9695ce99f21219a0455b
  branch: support-local-directories-for-fixtures
  specs:
    heroku_hatchet (4.0.4)
      excon (~> 0)
      minitest-retry (~> 0.1.9)
      platform-api (~> 2)
      repl_runner (~> 0.0.3)
      rrrretry (~> 1)
      thor (~> 0)
      threaded (~> 0)

GEM
  remote: https://rubygems.org/
  specs:
    activesupport (5.2.1)
      concurrent-ruby (~> 1.0, >= 1.0.2)
      i18n (>= 0.7, < 2)
      minitest (~> 5.1)
      tzinfo (~> 1.1)
    concurrent-ruby (1.0.5)
    diff-lcs (1.3)
    erubis (2.7.0)
    excon (0.62.0)
    heroics (0.0.24)
      erubis (~> 2.0)
      excon
      moneta
      multi_json (>= 1.9.2)
    i18n (1.1.0)
      concurrent-ruby (~> 1.0)
    minitest (5.11.3)
    minitest-retry (0.1.9)
      minitest (>= 5.0)
    moneta (0.8.1)
    multi_json (1.13.1)
    parallel (1.12.1)
    parallel_tests (2.22.0)
      parallel
    platform-api (2.1.0)
      heroics (~> 0.0.23)
      moneta (~> 0.8.1)
    rake (12.3.1)
    repl_runner (0.0.3)
      activesupport
    rrrretry (1.0.0)
    rspec-core (3.8.0)
      rspec-support (~> 3.8.0)
    rspec-expectations (3.8.1)
      diff-lcs (>= 1.2.0, < 2.0)
      rspec-support (~> 3.8.0)
    rspec-retry (0.6.1)
      rspec-core (> 3.3)
    rspec-support (3.8.0)
    sem_version (2.0.1)
    thor (0.20.0)
    thread_safe (0.3.6)
    threaded (0.0.4)
    tzinfo (1.2.5)
      thread_safe (~> 0.1)

PLATFORMS
  ruby

DEPENDENCIES
  heroku_hatchet!
  parallel_tests
  rake
  rspec-expectations
  rspec-retry
  sem_version

BUNDLED WITH
   1.16.4
