GEM
  remote: https://rubygems.org/
  specs:
    diff-lcs (1.5.0)
    erubis (2.7.0)
    excon (0.99.0)
    heroics (0.1.2)
      erubis (~> 2.0)
      excon
      moneta
      multi_json (>= 1.9.2)
      webrick
    heroku_hatchet (8.0.2)
      excon (~> 0)
      platform-api (~> 3)
      rrrretry (~> 1)
      thor (~> 1)
      threaded (~> 0)
    moneta (1.0.0)
    multi_json (1.15.0)
    parallel (1.21.0)
    parallel_split_test (0.10.0)
      parallel (>= 0.5.13)
      rspec-core (>= 3.9.0)
    platform-api (3.5.0)
      heroics (~> 0.1.1)
      moneta (~> 1.0.0)
      rate_throttle_client (~> 0.1.0)
    rake (13.0.6)
    rate_throttle_client (0.1.2)
    rrrretry (1.0.0)
    rspec-core (3.12.0)
      rspec-support (~> 3.12.0)
    rspec-expectations (3.12.3)
      diff-lcs (>= 1.2.0, < 2.0)
      rspec-support (~> 3.12.0)
    rspec-retry (0.6.2)
      rspec-core (> 3.3)
    rspec-support (3.12.1)
    sem_version (2.0.1)
    thor (1.2.1)
    threaded (0.0.4)
    webrick (1.8.1)

PLATFORMS
  ruby

DEPENDENCIES
  heroku_hatchet
  parallel_split_test
  rake
  rspec-expectations
  rspec-retry
  sem_version

BUNDLED WITH
   2.2.28
